GEM
  remote: https://rubygems.org/
  specs:
    activemodel (6.1.2)
      activesupport (= 6.1.2)
    activerecord (6.1.2)
      activemodel (= 6.1.2)
      activesupport (= 6.1.2)
    activesupport (6.1.2)
      concurrent-ruby (~> 1.0, >= 1.0.2)
      i18n (>= 1.6, < 2)
      minitest (>= 5.1)
      tzinfo (~> 2.0)
      zeitwerk (~> 2.3)
    concurrent-ruby (1.1.8)
    i18n (1.8.8)
      concurrent-ruby (~> 1.0)
    json (1.8.3)
    minitest (5.14.3)
    pg (1.2.3)
    pg (1.2.3-x86-mingw32)
    rack (1.6.4)
    rack-protection (1.5.3)
      rack
    rake (10.4.2)
    sinatra (1.4.6)
      rack (~> 1.4)
      rack-protection (~> 1.4)
      tilt (>= 1.3, < 3)
    sinatra-activerecord (2.0.9)
      activerecord (>= 3.2)
      sinatra (~> 1.0)
    sqlite3 (1.3.11)
    sqlite3 (1.3.11-x86-mingw32)
    tilt (2.0.1)
    tzinfo (2.0.4)
      concurrent-ruby (~> 1.0)
    zeitwerk (2.4.2)

PLATFORMS
  ruby
  x86-mingw32

DEPENDENCIES
  json
  pg
  rake
  sinatra
  sinatra-activerecord
  sqlite3
